PATH
  remote: .
  specs:
    lodging (0.0.0)

GEM
  remote: http://rubygems.org/
  specs:
    thoughtbot-shoulda (2.11.1)

PLATFORMS
  ruby

DEPENDENCIES
  lodging!
  thoughtbot-shoulda
